PATH
  remote: .
  specs:
    android-devices (4.1.0)

GEM
  remote: https://rubygems.org/
  specs:
    byebug (11.1.3)
    csv (3.3.0)
    diff-lcs (1.5.1)
    rake (13.2.1)
    rspec (3.13.0)
      rspec-core (~> 3.13.0)
      rspec-expectations (~> 3.13.0)
      rspec-mocks (~> 3.13.0)
    rspec-core (3.13.2)
      rspec-support (~> 3.13.0)
    rspec-expectations (3.13.3)
      diff-lcs (>= 1.2.0, < 2.0)
      rspec-support (~> 3.13.0)
    rspec-mocks (3.13.2)
      diff-lcs (>= 1.2.0, < 2.0)
      rspec-support (~> 3.13.0)
    rspec-support (3.13.2)

PLATFORMS
  ruby

DEPENDENCIES
  android-devices!
  bundler
  byebug
  csv
  rake
  rspec

BUNDLED WITH
   2.5.23
